GEM
  remote: https://rubygems.org/
  specs:
    daemons (1.1.9)
    diff-lcs (1.2.5)
    eventmachine (1.0.4)
    execjs (2.2.0)
    hike (1.2.3)
    json (1.8.1)
    libv8 (3.16.14.3)
    multi_json (1.9.2)
    rack (1.5.2)
    rack-protection (1.5.3)
      rack
    rake (10.1.0)
    ref (1.0.5)
    rspec (3.0.0)
      rspec-core (~> 3.0.0)
      rspec-expectations (~> 3.0.0)
      rspec-mocks (~> 3.0.0)
    rspec-core (3.0.2)
      rspec-support (~> 3.0.0)
    rspec-expectations (3.0.2)
      diff-lcs (>= 1.2.0, < 2.0)
      rspec-support (~> 3.0.0)
    rspec-mocks (3.0.2)
      rspec-support (~> 3.0.0)
    rspec-support (3.0.2)
    rubyzip (1.1.0)
    sass (3.2.19)
    sinatra (1.4.5)
      rack (~> 1.4)
      rack-protection (~> 1.4)
      tilt (~> 1.3, >= 1.3.4)
    sprockets (2.12.0)
      hike (~> 1.2)
      multi_json (~> 1.0)
      rack (~> 1.0)
      tilt (~> 1.1, != 1.3.0)
    sprockets-sass (1.1.0)
      sprockets (~> 2.0)
      tilt (~> 1.1)
    therubyracer (0.12.1)
      libv8 (~> 3.16.14.0)
      ref
    thin (1.6.3)
      daemons (~> 1.0, >= 1.0.9)
      eventmachine (~> 1.0)
      rack (~> 1.0)
    tilt (1.4.1)
    uglifier (2.5.1)
      execjs (>= 0.3.0)
      json (>= 1.8.0)

PLATFORMS
  ruby

DEPENDENCIES
  rake (>= 10.0.0)
  rspec (>= 3.0.0)
  rubyzip (>= 1.1.0)
  sass
  sinatra (>= 1.4.5)
  sprockets (~> 2.12.0)
  sprockets-sass
  therubyracer (~> 0.12.1)
  thin (~> 1.6.3)
  uglifier (>= 2.5.1)
