GEM
  remote: https://rubygems.org/
  specs:
    rake (10.1.0)
    rubyzip (1.1.0)

PLATFORMS
  ruby

DEPENDENCIES
  rake (>= 10.0.0)
  rubyzip (>= 1.1.0)
