GEM
  remote: https://rubygems.org/
  specs:
    hike (1.2.3)
    multi_json (1.9.2)
    rack (1.5.2)
    rake (10.1.0)
    rubyzip (1.1.0)
    sass (3.2.19)
    sprockets (2.12.0)
      hike (~> 1.2)
      multi_json (~> 1.0)
      rack (~> 1.0)
      tilt (~> 1.1, != 1.3.0)
    sprockets-sass (1.1.0)
      sprockets (~> 2.0)
      tilt (~> 1.1)
    tilt (1.4.1)

PLATFORMS
  ruby

DEPENDENCIES
  rake (>= 10.0.0)
  rubyzip (>= 1.1.0)
  sass
  sprockets (~> 2.12.0)
  sprockets-sass
